GEM
  remote: https://rubygems.org/
  specs:
    haml (4.0.2)
      tilt
    multi_xml (0.5.3)
    tilt (1.4.1)

PLATFORMS
  ruby

DEPENDENCIES
  haml
  multi_xml
